GEM
  remote: https://rubygems.org/
  specs:
    charlock_holmes (0.7.3)
    commonmarker (0.14.12)
      ruby-enum (~> 0.5)
    escape_utils (1.1.1)
    github-linguist (5.0.8)
      charlock_holmes (~> 0.7.3)
      escape_utils (~> 1.1.0)
      mime-types (>= 1.19)
      rugged (>= 0.25.1)
    github-markup (1.4.8)
      github-linguist (~> 5.0, >= 5.0.8)
      rinku
    htmlbeautifier (1.3.0)
    i18n (0.8.1)
    mime-types (3.1)
      mime-types-data (~> 3.2015)
    mime-types-data (3.2016.0521)
    rinku (2.0.2)
    ruby-enum (0.7.1)
      i18n
    rugged (0.25.1.1)

PLATFORMS
  ruby

DEPENDENCIES
  commonmarker
  github-markup
  htmlbeautifier

BUNDLED WITH
   1.14.5
