GEM
  remote: https://rubygems.org/
  specs:
    activesupport (5.0.2)
      concurrent-ruby (~> 1.0, >= 1.0.2)
      i18n (~> 0.7)
      minitest (~> 5.1)
      tzinfo (~> 1.1)
    colored (1.2)
    commonmarker (0.14.15)
      ruby-enum (~> 0.5)
    concurrent-ruby (1.0.5)
    filewatcher (0.5.4)
      trollop (~> 2.0)
    github-markup (1.6.0)
    htmlbeautifier (1.3.0)
    i18n (0.7.0)
    mini_portile2 (2.1.0)
    minitest (5.10.1)
    nokogiri (1.7.1)
      mini_portile2 (~> 2.1.0)
    ruby-enum (0.7.1)
      i18n
    thread_safe (0.3.6)
    trollop (2.1.2)
    tzinfo (1.2.3)
      thread_safe (~> 0.1)

PLATFORMS
  ruby

DEPENDENCIES
  activesupport
  colored
  commonmarker
  filewatcher
  github-markup
  htmlbeautifier
  nokogiri

BUNDLED WITH
   1.14.5
